##TITLE= Parameter file, TopSpin 4.1.4
##JCAMPDX= 5.0
##DATATYPE= Parameter Values
##NPOINTS= 259	$$ modification sequence number
##ORIGIN= Bruker BioSpin GmbH
##OWNER= walkon
$$ 2024-04-14 07:17:32.190 -0500  walkon@hcn600
$$ /home/walkon/data/Lucks/ekc5108/20240413-DMS-UTP-5mM-30C_endproduct/4/acqu2s
$$ process /opt/topspin4.1.4/prog/mod/acqdataserver
##$ACQT0= 0
##$BF1= 150.81982996
##$FnILOOP= 1
##$FnMODE= 6
##$NUC1= <13C>
##$NusJSP= 0
##$NusT2= 1
##$NusTD= 256
##$O1= 11311.487
##$ProjAngle= 0
##$SFO1= 150.831141447
##$SW= 165.000004384008
##$SW_h= 24887.139
##$TD= 256
##END=
