##TITLE= Parameter file, TopSpin 3.6.5
##JCAMPDX= 5.0
##DATATYPE= Parameter Values
##NPOINTS= 95342	$$ modification sequence number
##ORIGIN= Bruker BioSpin GmbH
##OWNER= nmrsu
$$ 2024-04-12 17:51:15.857 -0500  walkon@imserca600
$$ /opt/topspin3.6.5/conf/instr/spect2/specpar
$$ process /opt/topspin3.6.5/prog/mod/hconfserver
##$HPPRECH= (0..15)
-1 -1 -1 -1 -1 -1 -1 -1 -1 -1 -1 -1 -1 -1 -1 -1
##$HPSELECT= no
##$NUC1= 1
##$NUC2= 13
##$NUC3= 0
##$NUC4= 0
##$NUC5= 0
##$NUC6= 0
##$NUC7= 0
##$NUC8= 0
##$NUCARR= (0..123)
600.165 600.165 92.128981665 640.159839557 457.202318071 88.320797542 233.246907265
84.334063491 64.479675036 192.556782557 150.911609283 43.35522941 60.814191305
81.361110154 564.719321118 47.378801588 158.755045635 36.739910698 156.384147817
119.235902859 242.951245224 46.0686654 58.80362055 48.947806946 28.005937515
15.372056153 40.391278548 145.790563383 33.834505931 33.843526411 59.83830501
157.861087864 33.924302618 148.77621021 19.432010334 142.401593672 53.631050484
159.13658853 170.469024093 37.551141725 144.047726234 183.030543562 20.93564572
102.763936313 114.460545996 31.314941241 150.365219067 162.083668755 23.09194854
57.945588656 196.376712749 26.010082806 29.409273327 55.793126892 146.897405681
39.112308928 39.933148597 135.087094738 27.638504499 30.976730259 19.123939638
27.464150565 24.293592901 27.928876329 127.327885542 133.195668739 131.230608496
131.511929838 196.366479936 213.852347227 223.805321543 143.622947452 77.776684708
157.061632074 189.350671119 120.077928352 166.907002807 49.47712847 78.718493634
59.623133854 66.695904331 79.187570595 84.777153308 183.770523 32.7089925
20.165544 25.0268805 20.645676 149.201019 65.898117 18.4250655 24.1866495
144.279666 20.645676 28.927953 128.075211 17.284752 49.7536785 105.024709855
28.93395465 68.4428166 48.79941615 24.04861155 15.10615305 71.95738284
25.005196539 135.18476559 136.54714014 13.697751846 46.60521291 10.3108347
11.22908715 129.016173694 10.37685285 107.494484856 39.680407112 342.83345328
346.198206333 125.558112988 96.442242325 11.05143831 100 100 100
##$NUCOFFS= (0..127)
<14N> <1H> <109Ag> <2H> <19F> <95Mo> <11B> <15N> <13C> <119Sn> <29Si> <23Na>
<35Cl> <31P> <27Al> <51V> <113Cd> <7Li> <6Li> <37Cl> <127I> <125Te> <77Se>
<17O> <> <> <> <> <> <> <> <> <> <> <> <> <> <> <> <> <> <> <> <> <> <>
<> <> <> <> <> <> <> <> <> <> <> <> <> <> <> <> <> <> <> <> <> <> <> <>
<> <> <> <> <> <> <> <> <> <> <> <> <> <> <> <> <> <> <> <> <> <> <> <>
<> <> <> <> <> <> <> <> <> <> <> <> <> <> <> <> <> <> <> <> <> <> <> <>
<> <> <> <> <> <> <> <> <> <>
##$OFFS= (0..127)
0 0 0 0 0 0 0 0 0 0 0 0 0 0 0 0 0 0 0 0 0 0 0 0 0 0 0 0 0 0 0 0 0 0 0 0
0 0 0 0 0 0 0 0 0 0 0 0 0 0 0 0 0 0 0 0 0 0 0 0 0 0 0 0 0 0 0 0 0 0 0 0
0 0 0 0 0 0 0 0 0 0 0 0 0 0 0 0 0 0 0 0 0 0 0 0 0 0 0 0 0 0 0 0 0 0 0 0
0 0 0 0 0 0 0 0 0 0 0 0 0 0 0 0 0 0 0 0
##$OFFSF= (0..7)
-35577.3 0 0 0 0 0 0 0
##$OFFSH= (0..7)
4345.19999998884 4501.2 0 0 0 0 0 0
##$OFFSX= (0..7)
15091.4 7267.6 0 0 0 0 0 0
##$PRECHAN= (0..15)
-1 1 -1 0 -1 2 -1 -1 -1 -1 -1 -1 -1 -1 -1 -1
##$RECPRE= (0..15)
-1 0 -1 -1 -1 -1 -1 -1 -1 -1 -1 -1 -1 -1 -1 -1
##$RECPRFX= (0..15)
1 0 0 0 0 0 0 0 0 0 0 0 0 0 0 0
##$RECSEL= (0..15)
0 0 1 0 0 0 0 0 0 0 0 0 0 0 0 0
##$SELREC= (0..9)
0 0 0 0 0 0 0 0 0 0
##$SFO1= 600.167812
##$SFO2= 81.36111
##$SFO3= 600.167821
##$SFO4= 600.167821
##$SFO5= 600.167821
##$SFO6= 600.167821
##$SFO7= 600.167821
##$SFO8= 600.167821
##END=
