##TITLE= Parameter file, TopSpin 4.1.4
##JCAMPDX= 5.0
##DATATYPE= Parameter Values
##NPOINTS= 2	$$ modification sequence number
##ORIGIN= Bruker BioSpin GmbH
##OWNER= walkon
$$ 2024-04-13 20:53:28.062 -0500  walkon@hcn600
$$ /home/walkon/data/Lucks/ekc5108/20240413-DMS-UTP-5mM-30C_endproduct/4/acqu2
$$ process /opt/topspin4.1.4/prog/mod/dataserver
##$ACQT0= 0
##$BF1= 150.81982996
##$FnILOOP= 0
##$FnMODE= 6
##$NUC1= <13C>
##$NusJSP= 0
##$NusT2= 1
##$NusTD= 0
##$O1= 11311.487
##$ProjAngle= 0
##$SFO1= 150.831141447
##$SW= 165
##$SW_h= 24887.139
##$TD= 256
##END=
